PATH
  remote: .
  specs:
    acm (0.8.1)
      clipboard
      ffi
      thor

GEM
  remote: https://rubygems.org/
  specs:
    clipboard (1.3.6)
    ffi (1.16.3)
    rake (13.1.0)
    thor (1.3.0)

PLATFORMS
  x64-mingw-ucrt
  x64-mingw32

DEPENDENCIES
  acm!
  bundler (~> 2.4.10)
  rake (>= 13.0)

BUNDLED WITH
   2.4.10
